PATH
  remote: /Users/jade/Dropbox/gems/ruhoh
  specs:
    ruhoh (3.0)
      directory_watcher (~> 1.4.0)
      mustache (~> 0.99)
      nokogiri (~> 1.5)
      rack (~> 1.4)
      redcarpet (~> 2.1)
      silly (~> 0)

PATH
  remote: /Users/jade/Dropbox/gems/silly
  specs:
    silly (0.0.2)
      mime-types (~> 2.1)

GEM
  remote: https://rubygems.org/
  specs:
    directory_watcher (1.4.1)
    haml (4.0.5)
      tilt
    hike (1.2.3)
    mime-types (2.3)
    mini_portile (0.6.0)
    multi_json (1.10.1)
    mustache (0.99.6)
    nokogiri (1.6.3.1)
      mini_portile (= 0.6.0)
    rack (1.5.2)
    redcarpet (2.3.0)
    sass (3.3.11)
    sprockets (2.12.1)
      hike (~> 1.2)
      multi_json (~> 1.0)
      rack (~> 1.0)
      tilt (~> 1.1, != 1.3.0)
    tilt (1.4.1)

PLATFORMS
  ruby

DEPENDENCIES
  haml
  ruhoh!
  sass
  silly!
  sprockets (~> 2.9)
